GEM
  remote: https://rubygems.org/
  specs:
    addressable (2.5.0)
      public_suffix (~> 2.0, >= 2.0.2)
    autoprefixer-rails (6.5.4)
      execjs
    aws-sdk (2.6.44)
      aws-sdk-resources (= 2.6.44)
    aws-sdk-core (2.6.44)
      aws-sigv4 (~> 1.0)
      jmespath (~> 1.0)
    aws-sdk-resources (2.6.44)
      aws-sdk-core (= 2.6.44)
    aws-sigv4 (1.0.0)
    classifier-reborn (2.1.0)
      fast-stemmer (~> 1.0)
    coderay (1.1.1)
    colorator (1.1.0)
    colored (1.2)
    concurrent-ruby (1.0.4)
    execjs (2.7.0)
    extras (0.1.0)
      forwardable-extended (~> 2.5)
    fast-stemmer (1.0.2)
    fastimage (2.0.1)
      addressable (~> 2)
    ffi (1.9.17)
    forwardable-extended (2.6.0)
    gemrat (0.4.6)
      colored (= 1.2)
    jekyll (3.3.1)
      addressable (~> 2.4)
      colorator (~> 1.0)
      jekyll-sass-converter (~> 1.0)
      jekyll-watch (~> 1.1)
      kramdown (~> 1.3)
      liquid (~> 3.0)
      mercenary (~> 0.3.3)
      pathutil (~> 0.9)
      rouge (~> 1.7)
      safe_yaml (~> 1.0)
    jekyll-assets (2.2.8)
      extras (~> 0.1)
      fastimage (~> 2.0, >= 1.8)
      jekyll (~> 3.1, >= 3.0)
      pathutil (>= 0.8)
      rack (> 1, < 2)
      sprockets (~> 3.3, < 3.7)
    jekyll-paginate (1.1.0)
    jekyll-sass-converter (1.5.0)
      sass (~> 3.4)
    jekyll-watch (1.5.0)
      listen (~> 3.0, < 3.1)
    jmespath (1.3.1)
    kramdown (1.13.2)
    liquid (3.0.6)
    listen (3.0.8)
      rb-fsevent (~> 0.9, >= 0.9.4)
      rb-inotify (~> 0.9, >= 0.9.7)
    mercenary (0.3.6)
    method_source (0.8.2)
    pathutil (0.14.0)
      forwardable-extended (~> 2.6)
    pry (0.10.4)
      coderay (~> 1.1.0)
      method_source (~> 0.8.1)
      slop (~> 3.4)
    public_suffix (2.0.5)
    rack (1.6.5)
    rb-fsevent (0.9.8)
    rb-inotify (0.9.7)
      ffi (>= 0.5.0)
    rouge (1.11.1)
    safe_yaml (1.0.4)
    sass (3.4.22)
    slop (3.6.0)
    sprockets (3.6.3)
      concurrent-ruby (~> 1.0)
      rack (> 1, < 3)
    uglifier (3.0.4)
      execjs (>= 0.3.0, < 3)

PLATFORMS
  ruby

DEPENDENCIES
  autoprefixer-rails (= 6.5.4)
  aws-sdk (~> 2)
  classifier-reborn
  gemrat
  jekyll-assets
  jekyll-paginate
  pry
  sass (= 3.4.22)
  uglifier (= 3.0.4)

BUNDLED WITH
   1.13.6
